GEM
  remote: http://rubygems.org/
  specs:
    crack (0.3.2)
    json (1.7.7)

PLATFORMS
  ruby

DEPENDENCIES
  crack
  json
